GEM
  remote: https://rubygems.org/
  specs:
    artii (2.1.2)
    colorize (0.8.1)
    gemoji (3.0.1)
    lolize (0.0.3)
      paint (~> 0.8.3)
    paint (0.8.7)

PLATFORMS
  x86_64-darwin-20

DEPENDENCIES
  artii (~> 2.1)
  colorize (~> 0.8.1)
  gemoji
  lolize (~> 0.0.3)

BUNDLED WITH
   2.2.18
